GEM
  remote: https://rubygems.org/
  specs:
    ejson (0.4.0)
      thor (~> 0.18)
    thor (0.19.1)

PLATFORMS
  ruby

DEPENDENCIES
  ejson
